GEM
  remote: https://rubygems.org/
  specs:
    bosh-template (1.2915.0)
      semi_semantic (~> 1.1.0)
    diff-lcs (1.2.5)
    rake (10.4.2)
    rspec (3.1.0)
      rspec-core (~> 3.1.0)
      rspec-expectations (~> 3.1.0)
      rspec-mocks (~> 3.1.0)
    rspec-core (3.1.7)
      rspec-support (~> 3.1.0)
    rspec-expectations (3.1.2)
      diff-lcs (>= 1.2.0, < 2.0)
      rspec-support (~> 3.1.0)
    rspec-mocks (3.1.3)
      rspec-support (~> 3.1.0)
    rspec-support (3.1.2)
    semi_semantic (1.1.0)

PLATFORMS
  ruby

DEPENDENCIES
  bosh-template
  rake (~> 10.4.2)
  rspec (~> 3.1.0)

RUBY VERSION
   ruby 2.3.1p112

BUNDLED WITH
   1.15.4
